PATH
  remote: .
  specs:
    gitignorer (0.0.1)
      commander (~> 4.1.3)
      octonore (~> 1.0.1)

GEM
  remote: http://rubygems.org/
  specs:
    addressable (2.3.4)
    coderay (1.0.9)
    colorize (0.5.8)
    commander (4.1.3)
      highline (~> 1.6.11)
    coveralls (0.6.7)
      colorize
      multi_json (~> 1.3)
      rest-client
      simplecov (>= 0.7)
      thor
    crack (0.3.2)
    diff-lcs (1.2.4)
    fakefs (0.4.2)
    ffi (1.9.0)
    formatador (0.2.4)
    guard (1.8.2)
      formatador (>= 0.2.4)
      listen (>= 1.0.0)
      lumberjack (>= 1.0.2)
      pry (>= 0.9.10)
      thor (>= 0.14.6)
    highline (1.6.19)
    httparty (0.11.0)
      multi_json (~> 1.0)
      multi_xml (>= 0.5.2)
    listen (1.2.2)
      rb-fsevent (>= 0.9.3)
      rb-inotify (>= 0.9)
      rb-kqueue (>= 0.2)
    lumberjack (1.0.4)
    method_source (0.8.2)
    mime-types (1.23)
    multi_json (1.7.6)
    multi_xml (0.5.4)
    octonore (1.0.1)
      httparty (~> 0.11.0)
    pry (0.9.12.2)
      coderay (~> 1.0.5)
      method_source (~> 0.8)
      slop (~> 3.4)
    rake (10.0.4)
    rb-fsevent (0.9.3)
    rb-inotify (0.9.0)
      ffi (>= 0.5.0)
    rb-kqueue (0.2.0)
      ffi (>= 0.5.0)
    rest-client (1.6.7)
      mime-types (>= 1.16)
    rspec (2.13.0)
      rspec-core (~> 2.13.0)
      rspec-expectations (~> 2.13.0)
      rspec-mocks (~> 2.13.0)
    rspec-core (2.13.1)
    rspec-expectations (2.13.0)
      diff-lcs (>= 1.1.3, < 2.0)
    rspec-mocks (2.13.1)
    simplecov (0.7.1)
      multi_json (~> 1.0)
      simplecov-html (~> 0.7.1)
    simplecov-html (0.7.1)
    slop (3.4.6)
    thor (0.18.1)
    vcr (2.5.0)
    webmock (1.11.0)
      addressable (>= 2.2.7)
      crack (>= 0.3.2)

PLATFORMS
  ruby

DEPENDENCIES
  bundler (~> 1.0)
  coveralls (~> 0.6.7)
  fakefs (~> 0.4.2)
  gitignorer!
  guard (~> 1.8.2)
  rake (~> 10.0.4)
  rspec (~> 2.13.0)
  vcr (~> 2.5.0)
  webmock (~> 1.11.0)
